GEM
  remote: http://rubygems.org/
  specs:
    json (1.5.1)
    koala (1.0.0.beta2)
      json (>= 1.0)
      multipart-post (>= 1.0)
    minitest (2.0.2)
    multipart-post (1.1.0)

PLATFORMS
  ruby

DEPENDENCIES
  bundler (~> 1.0.0)
  koala (~> 1.0.0.beta)
  minitest
